PATH
  remote: ..
  specs:
    instana (1.8.1)
      ffi (>= 1.9.24)
      get_process_mem (>= 0.2.1)
      oj (~> 3.3)
      sys-proctable (>= 1.2.0)
      timers (>= 4.0.0)

GEM
  remote: https://rubygems.org/
  specs:
    ffi (1.9.25)
    get_process_mem (0.2.2)
    hitimes (1.3.0)
    oj (3.6.8)
    sys-proctable (1.2.1)
      ffi
    timers (4.1.2)
      hitimes

PLATFORMS
  ruby
  x86_64-darwin-15

DEPENDENCIES
  instana!

BUNDLED WITH
   1.16.4
