PATH
  remote: ..
  specs:
    instana (1.9.6)
      ffi (>= 1.0.11)
      get_process_mem (>= 0.2.1)
      oj (>= 3.0.11)
      sys-proctable (>= 0.9.2)
      timers (>= 4.0.0)

GEM
  remote: https://rubygems.org/
  specs:
    ffi (1.11.1)
    get_process_mem (0.2.4)
      ffi (~> 1.0)
    nio4r (2.4.0)
    oj (3.8.1)
    puma (4.1.0)
      nio4r (~> 2.0)
    rack (2.0.7)
    ruby-prof (1.0.0)
    sys-proctable (1.2.2)
      ffi
    timers (4.3.0)

PLATFORMS
  ruby
  x86_64-darwin-18

DEPENDENCIES
  instana!
  puma
  rack
  ruby-prof

BUNDLED WITH
   2.0.2
